GEM
  remote: https://rubygems.org/
  specs:
    asetus (0.3.0)
    bcrypt_pbkdf (1.1.0)
    date (3.3.3)
    ed25519 (1.3.0)
    net-ftp (0.2.0)
      net-protocol
      time
    net-protocol (0.2.1)
      timeout
    net-ssh (7.1.0)
    net-telnet (0.2.0)
    oxidized (0.29.0)
      asetus (~> 0.1)
      bcrypt_pbkdf (~> 1.0)
      ed25519 (~> 1.2)
      net-ssh (~> 7.1)
      net-telnet (~> 0.2)
      rugged (~> 1.6)
      slop (~> 4.6)
    rugged (1.6.3)
    slop (4.10.1)
    time (0.2.2)
      date
    timeout (0.3.2)

PLATFORMS
  aarch64-linux
  arm64-darwin-21
  arm64-darwin-22
  x86_64-linux

DEPENDENCIES
  net-ftp (~> 0.2.0)
  oxidized (~> 0.29.0)

BUNDLED WITH
   2.3.18
