GEM
  remote: https://rubygems.org/
  specs:
    asetus (0.4.0)
    bcrypt_pbkdf (1.1.0)
    date (3.3.4)
    ed25519 (1.3.0)
    net-ftp (0.3.3)
      net-protocol
      time
    net-protocol (0.2.2)
      timeout
    net-ssh (7.2.0)
    net-telnet (0.2.0)
    oxidized (0.29.1)
      asetus (~> 0.1)
      bcrypt_pbkdf (~> 1.0)
      ed25519 (~> 1.2)
      net-ssh (~> 7.1)
      net-telnet (~> 0.2)
      rugged (~> 1.6)
      slop (~> 4.6)
    psych (5.1.1.1)
      stringio
    rugged (1.7.1)
    slop (4.10.1)
    stringio (3.0.8)
    time (0.3.0)
      date
    timeout (0.4.1)

PLATFORMS
  aarch64-linux
  arm64-darwin-21
  arm64-darwin-22
  x86_64-linux

DEPENDENCIES
  net-ftp (~> 0.3.3)
  oxidized (~> 0.29.1)
  psych (~> 5.1.1)

BUNDLED WITH
   2.3.18
