GEM
  remote: https://rubygems.org/
  specs:
    asetus (0.3.0)
    bcrypt_pbkdf (1.1.0)
    ed25519 (1.3.0)
    net-ssh (5.2.0)
    net-telnet (0.2.0)
    oxidized (0.28.0)
      asetus (~> 0.1)
      bcrypt_pbkdf (~> 1.0)
      ed25519 (~> 1.2)
      net-ssh (~> 5)
      net-telnet (~> 0.2)
      rugged (~> 0.28.0)
      slop (~> 4.6)
    oxidized-script (0.0.6)
      oxidized
      slop
    rugged (0.28.5)
    slop (4.9.2)

PLATFORMS
  arm64-darwin-21

DEPENDENCIES
  oxidized (~> 0.28.0)
  oxidized-script (~> 0.0.6)

BUNDLED WITH
   2.3.18
