GEM
  remote: https://rubygems.org/
  specs:
    asetus (0.4.0)
    bcrypt_pbkdf (1.1.1)
    bcrypt_pbkdf (1.1.1-arm64-darwin)
    date (3.4.1)
    ed25519 (1.3.0)
    net-ftp (0.3.8)
      net-protocol
      time
    net-http-digest_auth (1.4.1)
    net-protocol (0.2.2)
      timeout
    net-scp (4.1.0)
      net-ssh (>= 2.6.5, < 8.0.0)
    net-ssh (7.3.0)
    net-telnet (0.2.0)
    ostruct (0.6.1)
    oxidized (0.32.1)
      asetus (~> 0.4)
      bcrypt_pbkdf (~> 1.0)
      ed25519 (~> 1.2)
      net-ftp (~> 0.2)
      net-http-digest_auth (~> 1.4)
      net-scp (~> 4.1)
      net-ssh (~> 7.3)
      net-telnet (~> 0.2)
      ostruct (~> 0.6)
      psych (~> 5.0)
      rugged (~> 1.6)
      slop (~> 4.6)
    psych (5.2.3)
      date
      stringio
    rugged (1.9.0)
    slop (4.10.1)
    stringio (3.1.5)
    time (0.4.1)
      date
    timeout (0.4.3)

PLATFORMS
  aarch64-linux
  arm64-darwin-24
  arm64-linux
  x86_64-linux

DEPENDENCIES
  oxidized (~> 0.32.0)

BUNDLED WITH
   2.3.18
