GEM
  remote: https://rubygems.org/
  specs:
    asetus (0.4.0)
    bcrypt_pbkdf (1.1.1)
    bcrypt_pbkdf (1.1.1-arm64-darwin)
    concurrent-ruby (1.3.5)
    date (3.4.1)
    ed25519 (1.4.0)
    logger (1.7.0)
    net-ftp (0.3.8)
      net-protocol
      time
    net-http-digest_auth (1.4.1)
    net-protocol (0.2.2)
      timeout
    net-scp (4.1.0)
      net-ssh (>= 2.6.5, < 8.0.0)
    net-ssh (7.3.0)
    net-telnet (0.2.0)
    oxidized (0.34.0)
      asetus (~> 0.4)
      bcrypt_pbkdf (~> 1.0)
      ed25519 (~> 1.2)
      net-ftp (~> 0.2)
      net-http-digest_auth (~> 1.4)
      net-scp (~> 4.1)
      net-ssh (~> 7.3)
      net-telnet (~> 0.2)
      psych (~> 5.0)
      rugged (~> 1.6)
      semantic_logger (~> 4.16)
      slop (~> 4.6)
      syslog (~> 0.3.0)
      syslog_protocol (~> 0.9.2)
    psych (5.2.6)
      date
      stringio
    rugged (1.9.0)
    semantic_logger (4.17.0)
      concurrent-ruby (~> 1.0)
    slop (4.10.1)
    stringio (3.1.7)
    syslog (0.3.0)
      logger
    syslog_protocol (0.9.2)
    time (0.4.1)
      date
    timeout (0.4.3)

PLATFORMS
  aarch64-linux
  arm64-darwin-24
  arm64-linux
  x86_64-linux

DEPENDENCIES
  oxidized (~> 0.34.0)

BUNDLED WITH
   2.3.18
