GIT
  remote: https://github.com/ytti/oxidized-script.git
  revision: 988cded5d89f52e274afb545bd3e011e19d5d22d
  ref: 988cded5d89f52e274afb545bd3e011e19d5d22d
  specs:
    oxidized-script (0.6.0)
      oxidized (~> 0.28)
      slop (~> 4.6)

GIT
  remote: https://github.com/ytti/oxidized.git
  revision: ff1fb7bf49d3be7183a701290ee92881ce8e2395
  ref: ff1fb7bf49d3be7183a701290ee92881ce8e2395
  specs:
    oxidized (0.28.0)
      asetus (~> 0.1)
      bcrypt_pbkdf (~> 1.0)
      ed25519 (~> 1.2)
      net-ssh (~> 7.0.0.beta1)
      net-telnet (~> 0.2)
      rugged (~> 0.28.0)
      slop (~> 4.6)

GEM
  remote: https://rubygems.org/
  specs:
    asetus (0.3.0)
    bcrypt_pbkdf (1.1.0)
    date (3.2.2)
    ed25519 (1.3.0)
    net-ftp (0.1.3)
      net-protocol
      time
    net-protocol (0.1.3)
      timeout
    net-ssh (7.0.1)
    net-telnet (0.2.0)
    rugged (0.28.5)
    slop (4.9.3)
    time (0.2.0)
      date
    timeout (0.3.0)

PLATFORMS
  arm64-darwin-21
  x86_64-linux

DEPENDENCIES
  net-ftp
  oxidized!
  oxidized-script!

BUNDLED WITH
   2.3.7
